PATH
  remote: .
  specs:
    scheduler_daemon (1.1.2)
      activesupport
      chronic (>= 0.2.0)
      chronic (>= 0.2.0)
      daemons (>= 1.0.10)
      daemons (>= 1.0.10)
      eventmachine (0.12.8)
      eventmachine (0.12.8)
      rufus-scheduler (>= 2.0.1)
      rufus-scheduler (>= 2.0.1)

GEM
  remote: http://rubygems.org/
  specs:
    activesupport (3.0.6)
    chronic (0.3.0)
    daemons (1.1.2)
    eventmachine (0.12.8)
    rufus-scheduler (2.0.8)
      tzinfo (>= 0.3.23)
    tzinfo (0.3.26)

PLATFORMS
  ruby
  x86-mingw32

DEPENDENCIES
  activesupport
  chronic (>= 0.2.0)
  daemons (>= 1.0.10)
  eventmachine (0.12.8)
  rufus-scheduler (>= 2.0.1)
  scheduler_daemon!
